GEM
  remote: https://rubygems.org/
  specs:
    artii (2.0.4)
    asciiart (0.0.8)
      rainbow (= 2.0.0)
      rmagick
    rainbow (2.0.0)
    redcarpet (3.1.2)
    rmagick (2.13.3)
    vimdeck (0.2.3)
      artii (~> 2.0.4)
      asciiart (~> 0.0.7)
      redcarpet (~> 3.1.2)

PLATFORMS
  ruby

DEPENDENCIES
  vimdeck
